GIT
  remote: https://github.com/sinatra/sinatra
  revision: 29c51d12fdd91ee254e51d4ce099535fcb6ea1a9
  specs:
    sinatra (1.4.6)
      rack (~> 1.4)
      rack-protection (~> 1.4)
      tilt (>= 1.3, < 3)

GEM
  remote: https://rubygems.org/
  specs:
    chronic (0.10.2)
    daemons (1.2.2)
    erubis (2.7.0)
    eventmachine (1.0.7)
    oj (2.12.1)
    rack (1.6.0)
    rack-protection (1.5.3)
      rack
    thin (1.6.3)
      daemons (~> 1.0, >= 1.0.9)
      eventmachine (~> 1.0)
      rack (~> 1.0)
    tilt (2.0.1)

PLATFORMS
  ruby

DEPENDENCIES
  chronic
  erubis (~> 2.7.0)
  oj
  sinatra!
  thin
